GEM
  remote: https://rubygems.org/
  specs:
    backports (3.8.0)
    bcrypt (3.1.11)
    dotenv (2.2.1)
    haml (5.0.3)
      temple (>= 0.8.0)
      tilt
    multi_json (1.12.2)
    mustermann (1.0.1)
    pg (0.21.0)
    rack (2.0.3)
    rack-protection (2.0.0)
      rack
    rake (12.0.0)
    sinatra (2.0.0)
      mustermann (~> 1.0)
      rack (~> 2.0)
      rack-protection (= 2.0.0)
      tilt (~> 2.0)
    sinatra-contrib (2.0.0)
      backports (>= 2.0)
      multi_json
      mustermann (~> 1.0)
      rack-protection (= 2.0.0)
      sinatra (= 2.0.0)
      tilt (>= 1.3, < 3)
    sysrandom (1.0.5)
    temple (0.8.0)
    tilt (2.0.8)

PLATFORMS
  ruby

DEPENDENCIES
  bcrypt
  dotenv
  haml
  pg
  rake
  sinatra
  sinatra-contrib
  sysrandom

RUBY VERSION
   ruby 2.4.1p111

BUNDLED WITH
   1.15.1
